GIT
  remote: https://github.com/njh/ruby-mqtt.git
  revision: d1a9ad7093c7259f8b53c8a7287609c5501a8aa3
  specs:
    mqtt (0.5.0)

GEM
  remote: https://rubygems.org/
  specs:
    diff-lcs (1.3)
    io-console (0.5.6)
    irb (1.2.3)
      reline (>= 0.0.1)
    reline (0.1.3)
      io-console (~> 0.5)
    rspec (3.9.0)
      rspec-core (~> 3.9.0)
      rspec-expectations (~> 3.9.0)
      rspec-mocks (~> 3.9.0)
    rspec-core (3.9.1)
      rspec-support (~> 3.9.1)
    rspec-expectations (3.9.1)
      diff-lcs (>= 1.2.0, < 2.0)
      rspec-support (~> 3.9.0)
    rspec-mocks (3.9.1)
      diff-lcs (>= 1.2.0, < 2.0)
      rspec-support (~> 3.9.0)
    rspec-support (3.9.2)

PLATFORMS
  ruby

DEPENDENCIES
  irb
  mqtt!
  rspec

BUNDLED WITH
   2.1.4
